GEM
  remote: https://rubygems.org/
  specs:
    addressable (2.3.2)
    coderay (1.0.7)
    excon (0.16.4)
    heroku (2.32.6)
      heroku-api (~> 0.3.5)
      launchy (>= 0.3.2)
      netrc (~> 0.7.7)
      rest-client (~> 1.6.1)
      rubyzip
    heroku-api (0.3.5)
      excon (~> 0.16.1)
    json (1.7.5)
    launchy (2.1.2)
      addressable (~> 2.3)
    method_source (0.8)
    mime-types (1.19)
    netrc (0.7.7)
    pry (0.9.10)
      coderay (~> 1.0.5)
      method_source (~> 0.8)
      slop (~> 3.3.1)
    rack (1.4.1)
    rack-protection (1.2.0)
      rack
    redis (3.0.1)
    rest-client (1.6.7)
      mime-types (>= 1.16)
    rubyzip (0.9.9)
    sinatra (1.3.3)
      rack (~> 1.3, >= 1.3.6)
      rack-protection (~> 1.2)
      tilt (~> 1.3, >= 1.3.3)
    slop (3.3.3)
    tilt (1.3.3)

PLATFORMS
  ruby

DEPENDENCIES
  heroku
  json
  pry
  redis
  sinatra
